PATH
  remote: .
  specs:
    pandocfilters (0.0.1.alpha)

GEM
  remote: https://rubygems.org/
  specs:
    rake (10.4.2)

PLATFORMS
  ruby

DEPENDENCIES
  pandocfilters!
  rake (~> 10.4.2)
